GEM
  remote: http://rubygems.org/
  specs:
    akami (1.0.0)
      gyoku (>= 0.4.0)
    ansi (1.4.1)
    builder (3.0.0)
    fakeweb (1.3.0)
    git (1.2.5)
    gyoku (0.4.4)
      builder (>= 2.1.2)
    hashie (1.2.0)
    httpi (0.9.5)
      rack
    jeweler (1.6.4)
      bundler (~> 1.0)
      git (>= 1.2.5)
      rake
    json (1.6.1)
    metaclass (0.0.1)
    minitest (2.8.1)
    minitest-reporters (0.4.0)
      ansi
      minitest (~> 2.0)
      ruby-progressbar
    mocha (0.10.0)
      metaclass (~> 0.0.1)
    multi_json (1.0.3)
    nokogiri (1.5.0)
    nori (1.0.2)
    rack (1.3.5)
    rake (0.9.2.2)
    rcov (0.9.11)
    rdoc (3.11)
      json (~> 1.4)
    ruby-progressbar (0.0.10)
    savon (0.9.7)
      akami (~> 1.0)
      builder (>= 2.1.2)
      gyoku (>= 0.4.0)
      httpi (~> 0.9)
      nokogiri (>= 1.4.0)
      nori (~> 1.0)
      wasabi (~> 2.0)
    savon_model (1.1.0)
      httpi (>= 0.7.8)
      savon (>= 0.8.2)
    simplecov (0.5.4)
      multi_json (~> 1.0.3)
      simplecov-html (~> 0.5.3)
    simplecov-html (0.5.3)
    wasabi (2.0.0)
      nokogiri (>= 1.4.0)

PLATFORMS
  ruby

DEPENDENCIES
  bundler (~> 1.0.0)
  fakeweb
  hashie (>= 0.0.0)
  jeweler (~> 1.6.4)
  minitest
  minitest-reporters
  mocha
  rcov
  rdoc
  savon (>= 0.9.7)
  savon_model (>= 0.0.0)
  simplecov
